GIT
  remote: git://github.com/mitchellh/vagrant.git
  revision: 64e360814c3ad960d810456add977fd4c7d47ce6
  tag: v1.1.5
  specs:
    vagrant (1.1.5)
      childprocess (~> 0.3.7)
      erubis (~> 2.7.0)
      i18n (~> 0.6.0)
      json (>= 1.5.1, < 1.8.0)
      log4r (~> 1.1.9)
      net-scp (~> 1.1.0)
      net-ssh (~> 2.6.6)

GEM
  remote: http://rubygems.org/
  specs:
    childprocess (0.3.9)
      ffi (~> 1.0, >= 1.0.11)
    erubis (2.7.0)
    facter (1.7.3)
    ffi (1.7.0)
    hiera (1.2.1)
      json_pure
    highline (1.6.20)
    i18n (0.6.4)
    json (1.7.7)
    json_pure (1.8.1)
    librarian (0.1.1)
      highline
      thor (~> 0.15)
    librarian-puppet-maestrodev (0.9.10.1)
      json
      librarian (>= 0.1.1)
    log4r (1.1.10)
    net-scp (1.1.0)
      net-ssh (>= 2.6.5)
    net-ssh (2.6.7)
    puppet (3.3.1)
      facter (~> 1.6)
      hiera (~> 1.0)
      rgen (~> 0.6.5)
    rgen (0.6.6)
    thor (0.18.1)

PLATFORMS
  ruby

DEPENDENCIES
  librarian-puppet-maestrodev
  puppet
  vagrant!
